GEM
  remote: https://rubygems.org/
  specs:
    coderay (1.1.1)
    colorator (0.1)
    daemons (1.2.3)
    deckrb (0.5.2)
      coderay
      erector (>= 0.9.0)
      json
      nokogiri
      rack (>= 1.4.1)
      rack-codehighlighter
      redcarpet (~> 2)
      thin
      trollop
    erector (0.10.0)
      treetop (>= 1.2.3)
    eventmachine (1.2.0.1)
    ffi (1.9.10)
    jekyll (3.1.6)
      colorator (~> 0.1)
      jekyll-sass-converter (~> 1.0)
      jekyll-watch (~> 1.1)
      kramdown (~> 1.3)
      liquid (~> 3.0)
      mercenary (~> 0.3.3)
      rouge (~> 1.7)
      safe_yaml (~> 1.0)
    jekyll-sass-converter (1.4.0)
      sass (~> 3.4)
    jekyll-watch (1.4.0)
      listen (~> 3.0, < 3.1)
    json (1.8.3)
    kramdown (1.11.1)
    liquid (3.0.6)
    listen (3.0.8)
      rb-fsevent (~> 0.9, >= 0.9.4)
      rb-inotify (~> 0.9, >= 0.9.7)
    mercenary (0.3.6)
    mini_portile2 (2.1.0)
    nokogiri (1.6.8)
      mini_portile2 (~> 2.1.0)
      pkg-config (~> 1.1.7)
    pkg-config (1.1.7)
    polyglot (0.3.5)
    rack (1.6.4)
    rack-codehighlighter (0.5.1)
      nokogiri (>= 1.4.1)
      rack (>= 1.0.0)
    rb-fsevent (0.9.7)
    rb-inotify (0.9.7)
      ffi (>= 0.5.0)
    redcarpet (2.3.0)
    rouge (1.11.0)
    safe_yaml (1.0.4)
    sass (3.4.22)
    thin (1.7.0)
      daemons (~> 1.0, >= 1.0.9)
      eventmachine (~> 1.0, >= 1.0.4)
      rack (>= 1, < 3)
    treetop (1.6.5)
      polyglot (~> 0.3)
    trollop (2.1.2)

PLATFORMS
  ruby

DEPENDENCIES
  deckrb
  jekyll

RUBY VERSION
   ruby 2.3.3p222

BUNDLED WITH
   1.15.3
